NRRD0004
# Complete NRRD file format specification at:
# http://teem.sourceforge.net/nrrd/format.html
type: double
dimension: 3
space: right-anterior-superior
sizes: 100 1 1
space directions: (0.01,0,0) (0,0.01,0) (0,0,0.01)
kinds: space space space
endian: little
encoding: gzip
space origin: (0,0,0)
data file: 1DCurveTarget.raw.gz
