NRRD0004
# Complete NRRD file format specification at:
# http://teem.sourceforge.net/nrrd/format.html
type: double
dimension: 3
space: right-anterior-superior
sizes: 50 50 50
space directions: (0.02,0,0) (0,0.02,0) (0,0,0.02)
kinds: space space space
endian: little
encoding: gzip
space origin: (0,0,0)
data file: sphere3D.raw.gz
