NRRD0004
# Complete NRRD file format specification at:
# http://teem.sourceforge.net/nrrd/format.html
type: double
dimension: 2
space dimension: 2
sizes: 100 1
space directions: (0.01,0) (0,1)
kinds: domain domain
endian: little
encoding: gzip
space origin: (0,0)
data file: 1DMetamorphosisCurveResultBaseline.raw.gz
