NRRD0004
# Complete NRRD file format specification at:
# http://teem.sourceforge.net/nrrd/format.html
content: (float)(???)
type: float
dimension: 3
space: left-posterior-superior
sizes: 128 1 1
space directions: (0.01,0,0) (0,0.01,0) (0,0,0.01)
kinds: domain domain domain
endian: little
encoding: gzip
space origin: (0,0,0)
data file: impulse7.raw.gz
